GIT
  remote: https://github.com/kyohsuke/eorzea_weather
  revision: 284ff2d7f967b91ec91842c99c7554a604f7e3ab
  branch: shadowbringers
  specs:
    eorzea_weather (0.1.1)
      eorzea_time (>= 0.2.0)

GEM
  remote: https://rubygems.org/
  specs:
    activesupport (6.1.7.7)
      concurrent-ruby (~> 1.0, >= 1.0.2)
      i18n (>= 1.6, < 2)
      minitest (>= 5.1)
      tzinfo (~> 2.0)
      zeitwerk (~> 2.3)
    concurrent-ruby (1.2.3)
    eorzea_time (0.2.0)
    i18n (1.14.4)
      concurrent-ruby (~> 1.0)
    icalendar (2.7.1)
      ice_cube (~> 0.16)
    ice_cube (0.16.4)
    minitest (5.22.3)
    tzinfo (2.0.6)
      concurrent-ruby (~> 1.0)
    zeitwerk (2.6.13)

PLATFORMS
  x86_64-darwin-20
  x86_64-darwin-21
  x86_64-darwin-23
  x86_64-linux

DEPENDENCIES
  activesupport (~> 6.1)
  eorzea_weather!
  icalendar (~> 2.7.1)

BUNDLED WITH
   2.5.6
